GEM
  remote: https://rubygems.org/
  specs:
    chunky_png (1.4.0)
    yaml (0.2.1)

PLATFORMS
  x86_64-linux

DEPENDENCIES
  chunky_png
  yaml

BUNDLED WITH
   2.4.6
